GEM
  remote: https://rubygems.org/
  specs:
    diff-lcs (1.4.4)
    oj (3.11.7)
    rspec (3.10.0)
      rspec-core (~> 3.10.0)
      rspec-expectations (~> 3.10.0)
      rspec-mocks (~> 3.10.0)
    rspec-core (3.10.1)
      rspec-support (~> 3.10.0)
    rspec-expectations (3.10.1)
      diff-lcs (>= 1.2.0, < 2.0)
      rspec-support (~> 3.10.0)
    rspec-mocks (3.10.2)
      diff-lcs (>= 1.2.0, < 2.0)
      rspec-support (~> 3.10.0)
    rspec-support (3.10.2)

PLATFORMS
  ruby

DEPENDENCIES
  oj (~> 3.11)
  rspec (~> 3.10)

RUBY VERSION
   ruby 3.0.1p64

BUNDLED WITH
   2.2.15
